GEM
  remote: https://rubygems.org/
  specs:
    rake (11.1.1)
    ruby-debug-ide (0.6.0)
      rake (>= 0.8.1)

PLATFORMS
  ruby

DEPENDENCIES
  ruby-debug-ide

BUNDLED WITH
   1.12.0.pre.2
